GEM
  remote: https://rubygems.org/
  specs:
    aasm (4.1.0)
    byebug (3.5.1)
      columnize (~> 0.8)
      debugger-linecache (~> 1.2)
      slop (~> 3.6)
    columnize (0.9.0)
    debugger-linecache (1.2.0)
    eventmachine (1.0.7)
    osc-ruby (1.1.1)
    slop (3.6.0)

PLATFORMS
  ruby

DEPENDENCIES
  aasm
  byebug
  eventmachine
  osc-ruby
